PATH
  remote: .
  specs:
    trinidad (1.3.2.dev)
      jruby-rack (>= 1.1.1)
      trinidad_jars (>= 1.0.1)

GEM
  remote: http://rubygems.org/
  specs:
    diff-lcs (1.1.3)
    fakefs (0.4.0)
    jruby-rack (1.1.1)
    metaclass (0.0.1)
    mocha (0.10.0)
      metaclass (~> 0.0.1)
    rack (1.4.0)
    rake (0.8.7)
    rspec (2.5.0)
      rspec-core (~> 2.5.0)
      rspec-expectations (~> 2.5.0)
      rspec-mocks (~> 2.5.0)
    rspec-core (2.5.1)
    rspec-expectations (2.5.0)
      diff-lcs (~> 1.1.2)
    rspec-mocks (2.5.0)
    trinidad_jars (1.0.2)

PLATFORMS
  java

DEPENDENCIES
  fakefs (>= 0.4.0)
  mocha
  rack
  rake (= 0.8.7)
  rspec (~> 2.5.0)
  trinidad!
